GEM
  remote: https://rubygems.org/
  specs:
    activesupport (5.0.0.1)
      concurrent-ruby (~> 1.0, >= 1.0.2)
      i18n (~> 0.7)
      minitest (~> 5.1)
      tzinfo (~> 1.1)
    addressable (2.5.0)
      public_suffix (~> 2.0, >= 2.0.2)
    autoparse (0.3.3)
      addressable (>= 2.3.1)
      extlib (>= 0.9.15)
      multi_json (>= 1.0.0)
    byebug (9.0.6)
    colorator (1.1.0)
    concurrent-ruby (1.0.2)
    extlib (0.9.16)
    faraday (0.9.2)
      multipart-post (>= 1.2, < 3)
    ffi (1.9.14)
    forwardable-extended (2.6.0)
    google-api-client (0.8.6)
      activesupport (>= 3.2)
      addressable (~> 2.3)
      autoparse (~> 0.3)
      extlib (~> 0.9)
      faraday (~> 0.9)
      googleauth (~> 0.3)
      launchy (~> 2.4)
      multi_json (~> 1.10)
      retriable (~> 1.4)
      signet (~> 0.6)
    google_drive (1.0.6)
      google-api-client (>= 0.7.0, < 0.9)
      nokogiri (>= 1.4.4, != 1.5.2, != 1.5.1)
      oauth (>= 0.3.6)
      oauth2 (>= 0.5.0)
    googleauth (0.5.1)
      faraday (~> 0.9)
      jwt (~> 1.4)
      logging (~> 2.0)
      memoist (~> 0.12)
      multi_json (~> 1.11)
      os (~> 0.9)
      signet (~> 0.7)
    highline (1.7.8)
    i18n (0.7.0)
    jekyll (3.3.1)
      addressable (~> 2.4)
      colorator (~> 1.0)
      jekyll-sass-converter (~> 1.0)
      jekyll-watch (~> 1.1)
      kramdown (~> 1.3)
      liquid (~> 3.0)
      mercenary (~> 0.3.3)
      pathutil (~> 0.9)
      rouge (~> 1.7)
      safe_yaml (~> 1.0)
    jekyll-feed (0.8.0)
      jekyll (~> 3.3)
    jekyll-gdrive (0.4.0)
      google_drive (~> 1.0)
      highline
    jekyll-sass-converter (1.5.0)
      sass (~> 3.4)
    jekyll-watch (1.5.0)
      listen (~> 3.0, < 3.1)
    jwt (1.5.6)
    kramdown (1.12.0)
    launchy (2.4.3)
      addressable (~> 2.3)
    liquid (3.0.6)
    listen (3.0.8)
      rb-fsevent (~> 0.9, >= 0.9.4)
      rb-inotify (~> 0.9, >= 0.9.7)
    little-plugger (1.1.4)
    logging (2.1.0)
      little-plugger (~> 1.1)
      multi_json (~> 1.10)
    memoist (0.15.0)
    mercenary (0.3.6)
    mini_portile2 (2.1.0)
    minima (2.1.0)
      jekyll (~> 3.3)
    minitest (5.9.1)
    multi_json (1.12.1)
    multi_xml (0.5.5)
    multipart-post (2.0.0)
    nokogiri (1.6.8.1)
      mini_portile2 (~> 2.1.0)
    oauth (0.5.1)
    oauth2 (1.2.0)
      faraday (>= 0.8, < 0.10)
      jwt (~> 1.0)
      multi_json (~> 1.3)
      multi_xml (~> 0.5)
      rack (>= 1.2, < 3)
    os (0.9.6)
    pathutil (0.14.0)
      forwardable-extended (~> 2.6)
    public_suffix (2.0.4)
    rack (2.0.1)
    rb-fsevent (0.9.8)
    rb-inotify (0.9.7)
      ffi (>= 0.5.0)
    retriable (1.4.1)
    rouge (1.11.1)
    safe_yaml (1.0.4)
    sass (3.4.22)
    signet (0.7.3)
      addressable (~> 2.3)
      faraday (~> 0.9)
      jwt (~> 1.5)
      multi_json (~> 1.10)
    thread_safe (0.3.5)
    tzinfo (1.2.2)
      thread_safe (~> 0.1)

PLATFORMS
  ruby

DEPENDENCIES
  activesupport
  byebug
  jekyll (= 3.3.1)
  jekyll-feed (~> 0.6)
  jekyll-gdrive
  minima (~> 2.0)
  nokogiri

RUBY VERSION
   ruby 2.3.1p112

BUNDLED WITH
   1.13.3
